{
	"Modality": "MR",
	"MagneticFieldStrength": 0.063,
	"ImagingFrequency": 2.70086,
	"Manufacturer": "Philips",
	"ManufacturersModelName": "swoop",
	"InstitutionName": "KCL Centre for Neuroimaging Sciences",
	"InstitutionAddress": "Centre for Neuroimaging Sciences, De Crespigny Park, Camberwell, ",
	"DeviceSerialNumber": "HG21070041",
	"StationName": "CNSHFA",
	"PatientPosition": "HFS",
	"SoftwareVersions": "8.4.0",
	"MRAcquisitionType": "3D",
	"SeriesDescription": "Localizer (Auto Align)",
	"ProtocolName": "Localizer (Auto Align)",
	"ScanningSequence": "GR\\UNKNOWN",
	"SequenceVariant": "SS",
	"ImageType": ["ORIGINAL", "PRIMARY", "M", "NONE"],
	"SeriesNumber": 3,
	"AcquisitionTime": "15:48:54.000000",
	"SliceThickness": 3.53,
	"EchoTime": 0.00581,
	"RepetitionTime": 0.0081,
	"MTState": false,
	"FlipAngle": 75,
	"CoilString": "815-11016-04",
	"PercentPhaseFOV": 100,
	"PercentSampling": 100,
	"PartialFourierDirection": "FREQUENCY",
	"AcquisitionMatrixPE": 68,
	"ReconMatrixPE": 68,
	"PixelBandwidth": 692.308,
	"ImageOrientationPatientDICOM": [
		1,
		0,
		0,
		0,
		0,
		-1	],
	"InPlanePhaseEncodingDirectionDICOM": "ROW",
	"ConversionSoftware": "dcm2niix",
	"ConversionSoftwareVersion": "v1.0.20211006"
}
