{
	"Modality": "MR",
	"MagneticFieldStrength": 0.063,
	"ImagingFrequency": 2.70082,
	"Manufacturer": "Philips",
	"ManufacturersModelName": "swoop",
	"InstitutionName": "KCL Centre for Neuroimaging Sciences",
	"InstitutionAddress": "Centre for Neuroimaging Sciences, De Crespigny Park, Camberwell, ",
	"DeviceSerialNumber": "HG21070041",
	"StationName": "CNSHFA",
	"PatientPosition": "HFS",
	"SoftwareVersions": "8.4.0",
	"MRAcquisitionType": "3D",
	"SeriesDescription": "T1 (AXI)- Gray/White Contrast",
	"ProtocolName": "T1 (AXI)- Gray/White Contrast",
	"ScanningSequence": "SE\\IR",
	"SequenceVariant": "NONE",
	"ImageType": ["ORIGINAL", "PRIMARY", "M", "NONE"],
	"SeriesNumber": 5,
	"AcquisitionTime": "15:50:21.000000",
	"SliceThickness": 5,
	"NumberOfAverages": 24,
	"EchoTime": 0.00596,
	"RepetitionTime": 1.5,
	"MTState": false,
	"InversionTime": 0.3,
	"FlipAngle": 90,
	"CoilString": "815-11016-04",
	"PercentPhaseFOV": 100,
	"PercentSampling": 100,
	"EchoTrainLength": 24,
	"AcquisitionMatrixPE": 112,
	"ReconMatrixPE": 112,
	"PixelBandwidth": 463.768,
	"PhaseEncodingAxis": "i",
	"ImageOrientationPatientDICOM": [
		1.00446,
		0,
		0,
		0,
		0.996377,
		0	],
	"InPlanePhaseEncodingDirectionDICOM": "ROW",
	"ConversionSoftware": "dcm2niix",
	"ConversionSoftwareVersion": "v1.0.20211006"
}
