{
	"Modality": "MR",
	"MagneticFieldStrength": 0.063,
	"ImagingFrequency": 2.70081,
	"Manufacturer": "Philips",
	"ManufacturersModelName": "swoop",
	"InstitutionName": "KCL Centre for Neuroimaging Sciences",
	"InstitutionAddress": "Centre for Neuroimaging Sciences, De Crespigny Park, Camberwell, ",
	"DeviceSerialNumber": "HG21070041",
	"StationName": "CNSHFA",
	"PatientPosition": "HFS",
	"SoftwareVersions": "8.4.0",
	"MRAcquisitionType": "3D",
	"SeriesDescription": "T2 (AXI)",
	"ProtocolName": "T2 (AXI)",
	"ScanningSequence": "SE\\UNKNOWN",
	"SequenceVariant": "NONE",
	"ImageType": ["ORIGINAL", "PRIMARY", "M", "NONE"],
	"SeriesNumber": 6,
	"AcquisitionTime": "15:56:18.000000",
	"SliceThickness": 5,
	"NumberOfAverages": 80,
	"EchoTime": 0.2052,
	"RepetitionTime": 2,
	"MTState": false,
	"FlipAngle": 90,
	"CoilString": "815-11016-04",
	"PercentPhaseFOV": 100,
	"PercentSampling": 100,
	"EchoTrainLength": 80,
	"AcquisitionMatrixPE": 146,
	"ReconMatrixPE": 120,
	"PixelBandwidth": 533.333,
	"PhaseEncodingAxis": "i",
	"ImageOrientationPatientDICOM": [
		1,
		0,
		0,
		0,
		1.00457,
		0	],
	"InPlanePhaseEncodingDirectionDICOM": "ROW",
	"ConversionSoftware": "dcm2niix",
	"ConversionSoftwareVersion": "v1.0.20211006"
}
