{
	"Modality": "MR",
	"MagneticFieldStrength": 0.063,
	"ImagingFrequency": 2.70072,
	"Manufacturer": "Philips",
	"ManufacturersModelName": "swoop",
	"InstitutionName": "KCL Centre for Neuroimaging Sciences",
	"InstitutionAddress": "Centre for Neuroimaging Sciences, De Crespigny Park, Camberwell, ",
	"DeviceSerialNumber": "HG21070041",
	"StationName": "CNSHFA",
	"PatientPosition": "HFS",
	"SoftwareVersions": "8.4.0",
	"MRAcquisitionType": "3D",
	"SeriesDescription": "T1_graywhite_iso_v01-NOT FOR DIAGNOSTIC USE",
	"ProtocolName": "T1_graywhite_iso_v01",
	"ScanningSequence": "SE\\IR",
	"SequenceVariant": "NONE",
	"ImageType": ["ORIGINAL", "PRIMARY", "M", "NONE"],
	"SeriesNumber": 8,
	"AcquisitionTime": "16:02:33.000000",
	"SliceThickness": 2.24,
	"NumberOfAverages": 24,
	"EchoTime": 0.0052,
	"RepetitionTime": 1.5,
	"MTState": false,
	"InversionTime": 0.3,
	"FlipAngle": 90,
	"CoilString": "815-11016-04",
	"PercentPhaseFOV": 100,
	"PercentSampling": 100,
	"EchoTrainLength": 24,
	"AcquisitionMatrixPE": 100,
	"ReconMatrixPE": 82,
	"PixelBandwidth": 780.488,
	"PhaseEncodingAxis": "i",
	"ImageOrientationPatientDICOM": [
		1.01818,
		0,
		0,
		0,
		1.01818,
		0	],
	"InPlanePhaseEncodingDirectionDICOM": "ROW",
	"ConversionSoftware": "dcm2niix",
	"ConversionSoftwareVersion": "v1.0.20211006"
}
